PATH
  remote: .
  specs:
    cocoapods-dev-env (2.0.2)

GEM
  remote: https://rubygems.org/
  specs:
    rake (10.5.0)

PLATFORMS
  ruby

DEPENDENCIES
  bundler (~> 2.0)
  cocoapods-dev-env!
  rake (~> 10.0)

BUNDLED WITH
   2.1.4
